PATH
  remote: .
  specs:
    planet (0.5.2)
      box
      feedzirra
      gli
      mustache

GEM
  remote: http://rubygems.org/
  specs:
    box (0.1.1)
    curb (0.8.5)
    feedzirra (0.7.0)
      curb (~> 0.8.1)
      loofah (~> 1.2.1)
      sax-machine (~> 0.2.1)
    gli (2.8.1)
    loofah (1.2.1)
      nokogiri (>= 1.4.4)
    mini_portile (0.5.2)
    mustache (0.99.5)
    nokogiri (1.6.1)
      mini_portile (~> 0.5.0)
    sax-machine (0.2.1)
      nokogiri (~> 1.6.0)

PLATFORMS
  ruby

DEPENDENCIES
  planet!
